GEM
  remote: https://rubygems.org/
  specs:
    activesupport (3.2.3)
      i18n (~> 0.6)
      multi_json (~> 1.0)
    albino (1.3.3)
      posix-spawn (>= 0.3.6)
    classifier (1.3.3)
      fast-stemmer (>= 1.0.0)
    directory_watcher (1.4.1)
    fast-stemmer (1.0.1)
    haml (3.1.4)
    i18n (0.6.0)
    jekyll (0.11.2)
      albino (~> 1.3)
      classifier (~> 1.3)
      directory_watcher (~> 1.1)
      kramdown (~> 0.13)
      liquid (~> 2.3)
      maruku (~> 0.5)
    jekyll-tagging (0.3.1)
      ruby-nuggets
    kramdown (0.13.5)
    liquid (2.3.0)
    maruku (0.6.0)
      syntax (>= 1.0.0)
    multi_json (1.3.4)
    posix-spawn (0.3.6)
    rdiscount (1.6.8)
    ruby-nuggets (0.8.7)
    sass (3.1.16)
    syntax (1.0.0)

PLATFORMS
  ruby

DEPENDENCIES
  activesupport
  haml
  jekyll
  jekyll-tagging
  liquid
  rdiscount
  sass

RUBY VERSION
   ruby 1.9.3p429

BUNDLED WITH
   1.12.5
